GEM
  remote: https://rubygems.org/
  specs:
    bigdecimal (3.1.8)
    csv (3.3.0)
    httparty (0.22.0)
      csv
      mini_mime (>= 1.0.0)
      multi_xml (>= 0.5.2)
    mini_mime (1.1.5)
    multi_xml (0.7.1)
      bigdecimal (~> 3.1)
    rubyzip (2.3.2)

PLATFORMS
  x64-mingw-ucrt

DEPENDENCIES
  httparty (~> 0.22.0)
  rubyzip (~> 2.3)

BUNDLED WITH
   2.5.3
